GEM
  remote: http://rubygems.org/
  specs:
    addressable (2.2.2)
    configatron (2.6.4)
      yamler (>= 0.1.0)
    cover_me (1.0.0.rc5)
      configatron
      hashie
    data_objects (0.10.2)
      addressable (~> 2.1)
    diff-lcs (1.1.2)
    dm-core (1.0.2)
      addressable (~> 2.2)
      extlib (~> 0.9.15)
    dm-do-adapter (1.0.2)
      data_objects (~> 0.10.2)
      dm-core (~> 1.0.2)
    dm-migrations (1.0.2)
      dm-core (~> 1.0.2)
    dm-sqlite-adapter (1.0.2)
      dm-do-adapter (~> 1.0.2)
      do_sqlite3 (~> 0.10.2)
    dm-validations (1.0.2)
      dm-core (~> 1.0.2)
    do_sqlite3 (0.10.2)
      data_objects (= 0.10.2)
    extlib (0.9.15)
    fuubar (0.0.3)
      rspec (~> 2.0)
      rspec-instafail (~> 0.1.4)
      ruby-progressbar (~> 0.0.9)
    hashie (0.3.0)
    nokogiri (1.4.4)
    rack (1.2.1)
    rack-flash (0.1.1)
      rack
    rack-test (0.5.7)
      rack (>= 1.0)
    rspec (2.4.0)
      rspec-core (~> 2.4.0)
      rspec-expectations (~> 2.4.0)
      rspec-mocks (~> 2.4.0)
    rspec-core (2.4.0)
    rspec-expectations (2.4.0)
      diff-lcs (~> 1.1.2)
    rspec-instafail (0.1.5)
    rspec-mocks (2.4.0)
    ruby-progressbar (0.0.9)
    sinatra (1.1.2)
      rack (~> 1.1)
      tilt (~> 1.2)
    tilt (1.2.1)
    webrat (0.7.3)
      nokogiri (>= 1.2.0)
      rack (>= 1.0)
      rack-test (>= 0.5.3)
    yamler (0.1.0)

PLATFORMS
  ruby

DEPENDENCIES
  cover_me (>= 1.0.0.rc5)
  dm-core
  dm-migrations
  dm-sqlite-adapter
  dm-validations
  fuubar
  hashie (= 0.3.0)
  rack-flash
  rack-test
  rspec
  sinatra
  webrat
